GEM
  remote: http://rubygems.org/
  specs:
    addressable (2.2.6)
    bcrypt-ruby (3.0.1)
    chunky_png (1.2.5)
    compass (0.11.7)
      chunky_png (~> 1.2)
      fssm (>= 0.2.7)
      sass (~> 3.1)
    data_mapper (1.2.0)
      dm-aggregates (~> 1.2.0)
      dm-constraints (~> 1.2.0)
      dm-core (~> 1.2.0)
      dm-migrations (~> 1.2.0)
      dm-serializer (~> 1.2.0)
      dm-timestamps (~> 1.2.0)
      dm-transactions (~> 1.2.0)
      dm-types (~> 1.2.0)
      dm-validations (~> 1.2.0)
    data_objects (0.10.7)
      addressable (~> 2.1)
    dm-aggregates (1.2.0)
      dm-core (~> 1.2.0)
    dm-constraints (1.2.0)
      dm-core (~> 1.2.0)
    dm-core (1.2.0)
      addressable (~> 2.2.6)
    dm-do-adapter (1.2.0)
      data_objects (~> 0.10.6)
      dm-core (~> 1.2.0)
    dm-migrations (1.2.0)
      dm-core (~> 1.2.0)
    dm-postgres-adapter (1.2.0)
      dm-do-adapter (~> 1.2.0)
      do_postgres (~> 0.10.6)
    dm-serializer (1.2.1)
      dm-core (~> 1.2.0)
      fastercsv (~> 1.5.4)
      json (~> 1.6.1)
      json_pure (~> 1.6.1)
      multi_json (~> 1.0.3)
    dm-timestamps (1.2.0)
      dm-core (~> 1.2.0)
    dm-transactions (1.2.0)
      dm-core (~> 1.2.0)
    dm-types (1.2.1)
      bcrypt-ruby (~> 3.0.0)
      dm-core (~> 1.2.0)
      fastercsv (~> 1.5.4)
      json (~> 1.6.1)
      multi_json (~> 1.0.3)
      stringex (~> 1.3.0)
      uuidtools (~> 2.1.2)
    dm-validations (1.2.0)
      dm-core (~> 1.2.0)
    do_postgres (0.10.7)
      data_objects (= 0.10.7)
    fastercsv (1.5.4)
    fssm (0.2.8.1)
    grid-coordinates (1.1.9)
      compass (>= 0.11.5)
    haml (3.1.4)
    json (1.6.4)
    json_pure (1.6.4)
    multi_json (1.0.4)
    rack (1.4.0)
    sass (3.1.12)
    shotgun (0.9)
      rack (>= 1.0)
    sinatra (1.2.8)
      rack (~> 1.1)
      tilt (>= 1.2.2, < 2.0)
    stringex (1.3.0)
    tilt (1.3.3)
    uuidtools (2.1.2)

PLATFORMS
  ruby

DEPENDENCIES
  compass (~> 0.11.1)
  data_mapper (~> 1.2.0)
  dm-postgres-adapter
  grid-coordinates (~> 1.1.4)
  haml (~> 3.1.1)
  sass (~> 3.1.1)
  shotgun (~> 0.9)
  sinatra (~> 1.2.3)
